PATH
  remote: .
  specs:
    muthofun_api (0.1.0)
      activesupport (~> 5.0)
      faraday

GEM
  remote: https://rubygems.org/
  specs:
    activesupport (5.1.4)
      concurrent-ruby (~> 1.0, >= 1.0.2)
      i18n (~> 0.7)
      minitest (~> 5.1)
      tzinfo (~> 1.1)
    concurrent-ruby (1.0.5)
    diff-lcs (1.3)
    faraday (0.13.1)
      multipart-post (>= 1.2, < 3)
    i18n (0.9.1)
      concurrent-ruby (~> 1.0)
    minitest (5.10.3)
    multipart-post (2.0.0)
    rake (10.5.0)
    rspec (3.7.0)
      rspec-core (~> 3.7.0)
      rspec-expectations (~> 3.7.0)
      rspec-mocks (~> 3.7.0)
    rspec-core (3.7.0)
      rspec-support (~> 3.7.0)
    rspec-expectations (3.7.0)
      diff-lcs (>= 1.2.0, < 2.0)
      rspec-support (~> 3.7.0)
    rspec-mocks (3.7.0)
      diff-lcs (>= 1.2.0, < 2.0)
      rspec-support (~> 3.7.0)
    rspec-support (3.7.0)
    thread_safe (0.3.6)
    tzinfo (1.2.4)
      thread_safe (~> 0.1)

PLATFORMS
  ruby

DEPENDENCIES
  bundler (~> 1.16)
  muthofun_api!
  rake (~> 10.0)
  rspec

BUNDLED WITH
   1.16.0
